PATH
  remote: .
  specs:
    activerecord-datastore-adapter (0.0.3)
      activerecord (= 3.0.6)
      appengine-apis (= 0.0.22)
      arel (>= 2.0.7)

GEM
  remote: http://rubygems.org/
  specs:
    activemodel (3.0.6)
      activesupport (= 3.0.6)
      builder (~> 2.1.2)
      i18n (~> 0.5.0)
    activerecord (3.0.6)
      activemodel (= 3.0.6)
      activesupport (= 3.0.6)
      arel (~> 2.0.2)
      tzinfo (~> 0.3.23)
    activesupport (3.0.6)
    appengine-apis (0.0.22)
      appengine-rack
    appengine-rack (0.0.12)
      jruby-jars (>= 1.5.1)
      jruby-rack (>= 1.0.1)
      rack
    appengine-sdk (1.4.0)
    arel (2.0.9)
    builder (2.1.2)
    diff-lcs (1.1.2)
    i18n (0.5.0)
    jruby-jars (1.6.0)
    jruby-rack (1.0.7)
    rack (1.2.2)
    rspec (2.5.0)
      rspec-core (~> 2.5.0)
      rspec-expectations (~> 2.5.0)
      rspec-mocks (~> 2.5.0)
    rspec-core (2.5.1)
    rspec-expectations (2.5.0)
      diff-lcs (~> 1.1.2)
    rspec-mocks (2.5.0)
    tzinfo (0.3.25)

PLATFORMS
  java

DEPENDENCIES
  activerecord-datastore-adapter!
  appengine-sdk (= 1.4.0)
  rspec
